GEM
  remote: https://rubygems.org/
  specs:
    highline (1.7.2)
    net-scp (1.2.1)
      net-ssh (>= 2.6.5)
    net-ssh (2.9.2)

PLATFORMS
  ruby

DEPENDENCIES
  highline
  net-scp

BUNDLED WITH
   1.10.4
